GIT
  remote: git://github.com/bbatsov/rubocop.git
  revision: 5fb62c86b622d29c204ae66a33fa7f7abee02263
  specs:
    rubocop (0.15.0)
      parser (~> 2.0)
      powerpack (~> 0.0.6)
      rainbow (>= 1.1.4)

GIT
  remote: git://github.com/ddfreyne/ddplugin.git
  revision: 542e46194b8e534da874c5a5f1a174af6ce1230b
  specs:
    ddplugin (0.1)

PATH
  remote: .
  specs:
    nanoc-core (4.0.0a1)
      ddplugin

GEM
  remote: http://rubygems.org/
  specs:
    ast (1.1.0)
    coveralls (0.7.0)
      multi_json (~> 1.3)
      rest-client
      simplecov (>= 0.7)
      term-ansicolor
      thor
    kramdown (1.2.0)
    metaclass (0.0.1)
    mime-types (1.25)
    minitest (5.0.8)
    mocha (0.14.0)
      metaclass (~> 0.0.1)
    multi_json (1.8.0)
    parser (2.0.0)
      ast (~> 1.1)
      slop (~> 3.4, >= 3.4.5)
    powerpack (0.0.9)
    rainbow (1.1.4)
    rake (10.1.0)
    rest-client (1.6.7)
      mime-types (>= 1.16)
    simplecov (0.7.1)
      multi_json (~> 1.0)
      simplecov-html (~> 0.7.1)
    simplecov-html (0.7.1)
    slop (3.4.7)
    systemu (2.5.2)
    term-ansicolor (1.2.2)
      tins (~> 0.8)
    thor (0.18.1)
    tins (0.10.0)
    yard (0.8.7.2)

PLATFORMS
  ruby

DEPENDENCIES
  coveralls
  ddplugin!
  kramdown
  minitest
  mocha
  nanoc-core!
  rake
  rubocop!
  systemu
  yard
