GIT
  remote: git://github.com/bbatsov/rubocop.git
  revision: 2df545226a7c94c6d0c3651cd073749f9bb815d8
  specs:
    rubocop (0.18.1)
      json (>= 1.7.7, < 2)
      parser (~> 2.1.3)
      powerpack (~> 0.0.6)
      rainbow (>= 1.99.1, < 3.0)
      ruby-progressbar (~> 1.4)

PATH
  remote: .
  specs:
    nanoc-core (4.0.0a1)
      ddplugin

GEM
  remote: http://rubygems.org/
  specs:
    ast (1.1.0)
    coveralls (0.7.0)
      multi_json (~> 1.3)
      rest-client
      simplecov (>= 0.7)
      term-ansicolor
      thor
    ddplugin (0.1)
    docile (1.1.3)
    json (1.8.1)
    kramdown (1.3.2)
    metaclass (0.0.4)
    mime-types (2.1)
    minitest (5.2.3)
    mocha (1.0.0)
      metaclass (~> 0.0.1)
    multi_json (1.8.4)
    parser (2.1.4)
      ast (~> 1.1)
      slop (~> 3.4, >= 3.4.5)
    powerpack (0.0.9)
    rainbow (2.0.0)
    rake (10.1.1)
    rest-client (1.6.7)
      mime-types (>= 1.16)
    ruby-progressbar (1.4.1)
    simplecov (0.8.2)
      docile (~> 1.1.0)
      multi_json
      simplecov-html (~> 0.8.0)
    simplecov-html (0.8.0)
    slop (3.4.7)
    systemu (2.6.2)
    term-ansicolor (1.3.0)
      tins (~> 1.0)
    thor (0.18.1)
    tins (1.0.0)
    yard (0.8.7.3)

PLATFORMS
  ruby

DEPENDENCIES
  bundler
  coveralls
  kramdown
  minitest
  mocha
  nanoc-core!
  rake
  rubocop!
  systemu
  yard
