GIT
  remote: git://github.com/bbatsov/rubocop.git
  revision: f82a7d26c73cfec4476edab117f6260f59ef3f94
  specs:
    rubocop (0.17.0)
      json (~> 1.8)
      parser (~> 2.1.3)
      powerpack (~> 0.0.6)
      rainbow (>= 1.99.1, < 3.0)

PATH
  remote: .
  specs:
    nanoc-core (4.0.0a1)
      ddplugin

GEM
  remote: http://rubygems.org/
  specs:
    ast (1.1.0)
    coveralls (0.7.0)
      multi_json (~> 1.3)
      rest-client
      simplecov (>= 0.7)
      term-ansicolor
      thor
    ddplugin (0.1)
    docile (1.1.2)
    json (1.8.1)
    kramdown (1.3.1)
    metaclass (0.0.2)
    mime-types (2.1)
    minitest (5.2.2)
    mocha (1.0.0)
      metaclass (~> 0.0.1)
    multi_json (1.8.4)
    parser (2.1.4)
      ast (~> 1.1)
      slop (~> 3.4, >= 3.4.5)
    powerpack (0.0.9)
    rainbow (2.0.0)
    rake (10.1.1)
    rest-client (1.6.7)
      mime-types (>= 1.16)
    simplecov (0.8.2)
      docile (~> 1.1.0)
      multi_json
      simplecov-html (~> 0.8.0)
    simplecov-html (0.8.0)
    slop (3.4.7)
    systemu (2.6.0)
    term-ansicolor (1.2.2)
      tins (~> 0.8)
    thor (0.18.1)
    tins (0.13.1)
    yard (0.8.7.3)

PLATFORMS
  ruby

DEPENDENCIES
  bundler
  coveralls
  kramdown
  minitest
  mocha
  nanoc-core!
  rake
  rubocop!
  systemu
  yard
