GIT
  remote: git://github.com/ddfreyne/ddplugin.git
  revision: 542e46194b8e534da874c5a5f1a174af6ce1230b
  specs:
    ddplugin (0.1)

PATH
  remote: .
  specs:
    nanoc-core (4.0.0a1)
      ddplugin

GEM
  remote: http://rubygems.org/
  specs:
    coveralls (0.7.0)
      multi_json (~> 1.3)
      rest-client
      simplecov (>= 0.7)
      term-ansicolor
      thor
    kramdown (1.2.0)
    metaclass (0.0.1)
    mime-types (1.25)
    minitest (5.0.8)
    mocha (0.14.0)
      metaclass (~> 0.0.1)
    multi_json (1.8.0)
    rake (10.1.0)
    rest-client (1.6.7)
      mime-types (>= 1.16)
    simplecov (0.7.1)
      multi_json (~> 1.0)
      simplecov-html (~> 0.7.1)
    simplecov-html (0.7.1)
    systemu (2.5.2)
    term-ansicolor (1.2.2)
      tins (~> 0.8)
    thor (0.18.1)
    tins (0.10.0)
    yard (0.8.7.2)

PLATFORMS
  ruby

DEPENDENCIES
  coveralls
  ddplugin!
  kramdown
  minitest
  mocha
  nanoc-core!
  rake
  systemu
  yard
