PATH
  remote: .
  specs:
    nanoc-core (4.0.0a1)
      cri (~> 2.3)

GEM
  remote: http://rubygems.org/
  specs:
    colored (1.2)
    cri (2.3.0)
      colored (>= 1.2)
    kramdown (1.1.0)
    metaclass (0.0.1)
    minitest (5.0.6)
    mocha (0.14.0)
      metaclass (~> 0.0.1)
    rake (10.1.0)
    systemu (2.5.2)
    yard (0.8.7)

PLATFORMS
  ruby

DEPENDENCIES
  kramdown
  minitest
  mocha
  nanoc-core!
  rake
  systemu
  yard
