PATH
  remote: .
  specs:
    nanoc-core (4.0.0a1)
      cri (~> 2.3)

GEM
  remote: http://rubygems.org/
  specs:
    colored (1.2)
    columnize (0.3.6)
    cri (2.3.0)
      colored (>= 1.2)
    debugger (1.6.1)
      columnize (>= 0.3.1)
      debugger-linecache (~> 1.2.0)
      debugger-ruby_core_source (~> 1.2.3)
    debugger-linecache (1.2.0)
    debugger-ruby_core_source (1.2.3)
    metaclass (0.0.1)
    minitest (5.0.6)
    mocha (0.14.0)
      metaclass (~> 0.0.1)
    rake (10.1.0)
    rdiscount (2.1.6)
    sqlite3 (1.3.8)
    systemu (2.5.2)
    yard (0.8.7)

PLATFORMS
  ruby

DEPENDENCIES
  debugger
  minitest
  mocha
  nanoc-core!
  rake
  rdiscount
  sqlite3
  systemu
  yard
